GIT
  remote: https://github.com/sinatra/sinatra.git
  revision: cafaab99db5b644e5fbe2a19bdba168e671ff1f2
  specs:
    rack-protection (3.0.3)
      rack
    sinatra (3.0.3)
      mustermann (~> 3.0)
      rack (~> 2.2, >= 2.2.4)
      rack-protection (= 3.0.3)
      tilt (~> 2.0)

GEM
  remote: https://rubygems.org/
  specs:
    actioncable (5.2.8.1)
      actionpack (= 5.2.8.1)
      nio4r (~> 2.0)
      websocket-driver (>= 0.6.1)
    actionmailer (5.2.8.1)
      actionpack (= 5.2.8.1)
      actionview (= 5.2.8.1)
      activejob (= 5.2.8.1)
      mail (~> 2.5, >= 2.5.4)
      rails-dom-testing (~> 2.0)
    actionpack (5.2.8.1)
      actionview (= 5.2.8.1)
      activesupport (= 5.2.8.1)
      rack (~> 2.0, >= 2.0.8)
      rack-test (>= 0.6.3)
      rails-dom-testing (~> 2.0)
      rails-html-sanitizer (~> 1.0, >= 1.0.2)
    actionview (5.2.8.1)
      activesupport (= 5.2.8.1)
      builder (~> 3.1)
      erubi (~> 1.4)
      rails-dom-testing (~> 2.0)
      rails-html-sanitizer (~> 1.0, >= 1.0.3)
    activejob (5.2.8.1)
      activesupport (= 5.2.8.1)
      globalid (>= 0.3.6)
    activemodel (5.2.8.1)
      activesupport (= 5.2.8.1)
    activerecord (5.2.8.1)
      activemodel (= 5.2.8.1)
      activesupport (= 5.2.8.1)
      arel (>= 9.0)
    activestorage (5.2.8.1)
      actionpack (= 5.2.8.1)
      activerecord (= 5.2.8.1)
      marcel (~> 1.0.0)
    activesupport (5.2.8.1)
      concurrent-ruby (~> 1.0, >= 1.0.2)
      i18n (>= 0.7, < 2)
      minitest (~> 5.1)
      tzinfo (~> 1.1)
    addressable (2.8.1)
      public_suffix (>= 2.0.2, < 6.0)
    arel (9.0.0)
    bcrypt (3.1.18)
    bootsnap (1.13.0)
      msgpack (~> 1.2)
    builder (3.2.4)
    byebug (11.1.3)
    coderay (1.1.3)
    concurrent-ruby (1.1.10)
    connection_pool (2.3.0)
    crass (1.0.6)
    diff-lcs (1.5.0)
    dotenv (2.8.1)
    dotenv-rails (2.8.1)
      dotenv (= 2.8.1)
      railties (>= 3.2)
    erubi (1.11.0)
    factory_bot (4.11.1)
      activesupport (>= 3.0.0)
    factory_bot_rails (4.11.1)
      factory_bot (~> 4.11.1)
      railties (>= 3.0.0)
    ffi (1.15.5)
    globalid (1.0.0)
      activesupport (>= 5.0)
    i18n (1.12.0)
      concurrent-ruby (~> 1.0)
    jwt (2.5.0)
    jwt_sessions (2.7.4)
      jwt (~> 2.5, < 3)
    listen (3.1.5)
      rb-fsevent (~> 0.9, >= 0.9.4)
      rb-inotify (~> 0.9, >= 0.9.7)
      ruby_dep (~> 1.2)
    loofah (2.19.0)
      crass (~> 1.0.2)
      nokogiri (>= 1.5.9)
    mail (2.7.1)
      mini_mime (>= 0.1.1)
    marcel (1.0.2)
    method_source (1.0.0)
    mini_mime (1.1.2)
    minitest (5.16.3)
    msgpack (1.6.0)
    mustermann (3.0.0)
      ruby2_keywords (~> 0.0.1)
    mysql2 (0.5.4)
    nio4r (2.5.8)
    nokogiri (1.13.9-x86_64-linux)
      racc (~> 1.4)
    pry (0.13.1)
      coderay (~> 1.1)
      method_source (~> 1.0)
    pry-byebug (3.9.0)
      byebug (~> 11.0)
      pry (~> 0.13.0)
    pry-rails (0.3.9)
      pry (>= 0.10.4)
    public_suffix (5.0.0)
    puma (3.12.6)
    racc (1.6.0)
    rack (2.2.4)
    rack-cors (1.1.1)
      rack (>= 2.0.0)
    rack-test (2.0.2)
      rack (>= 1.3)
    rails (5.2.8.1)
      actioncable (= 5.2.8.1)
      actionmailer (= 5.2.8.1)
      actionpack (= 5.2.8.1)
      actionview (= 5.2.8.1)
      activejob (= 5.2.8.1)
      activemodel (= 5.2.8.1)
      activerecord (= 5.2.8.1)
      activestorage (= 5.2.8.1)
      activesupport (= 5.2.8.1)
      bundler (>= 1.3.0)
      railties (= 5.2.8.1)
      sprockets-rails (>= 2.0.0)
    rails-dom-testing (2.0.3)
      activesupport (>= 4.2.0)
      nokogiri (>= 1.6)
    rails-html-sanitizer (1.4.3)
      loofah (~> 2.3)
    railties (5.2.8.1)
      actionpack (= 5.2.8.1)
      activesupport (= 5.2.8.1)
      method_source
      rake (>= 0.8.7)
      thor (>= 0.19.0, < 2.0)
    rake (13.0.6)
    rb-fsevent (0.11.2)
    rb-inotify (0.10.1)
      ffi (~> 1.0)
    redis (4.8.0)
    rspec-core (3.9.3)
      rspec-support (~> 3.9.3)
    rspec-expectations (3.9.4)
      diff-lcs (>= 1.2.0, < 2.0)
      rspec-support (~> 3.9.0)
    rspec-mocks (3.9.1)
      diff-lcs (>= 1.2.0, < 2.0)
      rspec-support (~> 3.9.0)
    rspec-rails (3.9.1)
      actionpack (>= 3.0)
      activesupport (>= 3.0)
      railties (>= 3.0)
      rspec-core (~> 3.9.0)
      rspec-expectations (~> 3.9.0)
      rspec-mocks (~> 3.9.0)
      rspec-support (~> 3.9.0)
    rspec-support (3.9.4)
    ruby-holidayapi (1.0.1)
    ruby2_keywords (0.0.5)
    ruby_dep (1.5.0)
    sidekiq (6.5.8)
      connection_pool (>= 2.2.5, < 3)
      rack (~> 2.0)
      redis (>= 4.5.0, < 5)
    spring (2.1.1)
    spring-watcher-listen (2.0.1)
      listen (>= 2.7, < 4.0)
      spring (>= 1.2, < 3.0)
    sprockets (4.1.1)
      concurrent-ruby (~> 1.0)
      rack (> 1, < 3)
    sprockets-rails (3.4.2)
      actionpack (>= 5.2)
      activesupport (>= 5.2)
      sprockets (>= 3.0.0)
    thor (1.2.1)
    thread_safe (0.3.6)
    tilt (2.0.11)
    tzinfo (1.2.10)
      thread_safe (~> 0.1)
    websocket-driver (0.7.5)
      websocket-extensions (>= 0.1.0)
    websocket-extensions (0.1.5)
    will_paginate (3.1.8)

PLATFORMS
  x86_64-linux

DEPENDENCIES
  addressable
  bcrypt (~> 3.1.7)
  bootsnap (>= 1.1.0)
  dotenv-rails
  factory_bot_rails (~> 4.8)
  jwt_sessions (~> 2.4)
  listen (>= 3.0.5, < 3.2)
  mysql2
  pry-byebug (~> 3.4)
  pry-rails (~> 0.3.4)
  puma (~> 3.12)
  rack-cors
  rails (~> 5.2.7, >= 5.2.8.1)
  redis (~> 4.0)
  rspec-rails (~> 3.7)
  ruby-holidayapi
  sidekiq
  sinatra!
  spring
  spring-watcher-listen (~> 2.0.0)
  will_paginate (~> 3.1.0)

RUBY VERSION
   ruby 2.6.3p62

BUNDLED WITH
   2.3.25
